GEM
  remote: https://rubygems.org/
  specs:
    json (1.8.1)
    oauth (0.4.7)

PLATFORMS
  ruby

DEPENDENCIES
  json (= 1.8.1)
  oauth (= 0.4.7)
